GEM
  remote: https://rubygems.org/
  specs:
    byebug (3.1.2)
      columnize (~> 0.8)
      debugger-linecache (~> 1.2)
    columnize (0.8.9)
    debugger-linecache (1.2.0)
    json (1.8.1)
    macaddr (1.7.1)
      systemu (~> 2.6.2)
    rack (1.5.2)
    rack-protection (1.5.3)
      rack
    rubyzip (1.1.3)
    sequel (4.9.0)
    sinatra (1.4.5)
      rack (~> 1.4)
      rack-protection (~> 1.4)
      tilt (~> 1.3, >= 1.3.4)
    sqlite3 (1.3.7)
    systemu (2.6.4)
    terminal-table (1.4.5)
    tilt (1.4.1)
    uuid (2.3.7)
      macaddr (~> 1.0)

PLATFORMS
  ruby

DEPENDENCIES
  byebug
  json
  rack
  rubyzip
  sequel
  sinatra
  sqlite3 (= 1.3.7)
  terminal-table
  uuid
