PATH
  remote: lib/
  specs:
    sign_pass (1.0.0)

GEM
  remote: https://rubygems.org/
  specs:
    coderay (1.1.0)
    json (1.8.1)
    macaddr (1.7.1)
      systemu (~> 2.6.2)
    method_source (0.8.2)
    pry (0.9.12.6)
      coderay (~> 1.0)
      method_source (~> 0.8)
      slop (~> 3.4)
    pry-remote (0.1.8)
      pry (~> 0.9)
      slop (~> 3.0)
    rack (1.5.2)
    rack-protection (1.5.3)
      rack
    rubyzip (1.1.3)
    sequel (4.9.0)
    sinatra (1.4.5)
      rack (~> 1.4)
      rack-protection (~> 1.4)
      tilt (~> 1.3, >= 1.3.4)
    slop (3.5.0)
    sqlite3 (1.3.7)
    systemu (2.6.4)
    terminal-table (1.4.5)
    tilt (1.4.1)
    uuid (2.3.7)
      macaddr (~> 1.0)

PLATFORMS
  ruby

DEPENDENCIES
  json
  pry
  pry-remote
  rack
  rubyzip
  sequel
  sign_pass (= 1.0.0)!
  sinatra
  sqlite3 (= 1.3.7)
  terminal-table
  uuid
